NUGET
  remote: https://www.nuget.org/api/v2
    Argu (3.2)
